PATH
  remote: .
  specs:
    pdnssoc (0.1.0)
      fluent-plugin-filter-list
      misp
      parseconfig

GEM
  remote: https://rubygems.org/
  specs:
    concurrent-ruby (1.2.2)
    cool.io (1.7.1)
    fluent-plugin-filter-list (0.7.5)
      fluentd (>= 0.14.0, < 2.0.0)
    fluentd (1.16.2)
      bundler
      cool.io (>= 1.4.5, < 2.0.0)
      http_parser.rb (>= 0.5.1, < 0.9.0)
      msgpack (>= 1.3.1, < 2.0.0)
      serverengine (>= 2.3.2, < 3.0.0)
      sigdump (~> 0.2.5)
      strptime (>= 0.2.4, < 1.0.0)
      tzinfo (>= 1.0, < 3.0)
      tzinfo-data (~> 1.0)
      webrick (~> 1.4)
      yajl-ruby (~> 1.0)
    http_parser.rb (0.8.0)
    misp (0.1.4)
    msgpack (1.7.2)
    parseconfig (1.1.2)
    rake (13.0.6)
    serverengine (2.3.2)
      sigdump (~> 0.2.2)
    sigdump (0.2.5)
    strptime (0.2.5)
    tzinfo (2.0.6)
      concurrent-ruby (~> 1.0)
    tzinfo-data (1.2023.3)
      tzinfo (>= 1.0.0)
    webrick (1.8.1)
    yajl-ruby (1.4.3)

PLATFORMS
  x86_64-linux

DEPENDENCIES
  fluent-plugin-filter-list
  misp
  parseconfig
  pdnssoc!
  rake

BUNDLED WITH
   2.4.17
